FRAMEWORK: >= NET45
NUGET
  remote: https://www.nuget.org/api/v2
    FAKE (4.48)
    FSharp.Core (4.0.0.1)
    Libuv (1.9.1) - framework: >= net451
    Microsoft.AspNetCore.Hosting (1.1) - framework: >= net451
      Microsoft.AspNetCore.Hosting.Abstractions (>= 1.1) - framework: >= net451
      Microsoft.AspNetCore.Hosting.Server.Abstractions (>= 1.1) - framework: >= net451
      Microsoft.AspNetCore.Http (>= 1.1) - framework: >= net451
      Microsoft.AspNetCore.Http.Extensions (>= 1.1) - framework: >= net451
      Microsoft.Extensions.Configuration (>= 1.1) - framework: >= net451
      Microsoft.Extensions.Configuration.EnvironmentVariables (>= 1.1) - framework: >= net451
      Microsoft.Extensions.DependencyInjection (>= 1.1) - framework: >= net451
      Microsoft.Extensions.FileProviders.Physical (>= 1.1) - framework: >= net451
      Microsoft.Extensions.Logging (>= 1.1) - framework: >= net451
      Microsoft.Extensions.Options (>= 1.1) - framework: >= net451
      Microsoft.Extensions.PlatformAbstractions (>= 1.1) - framework: >= net451
      NETStandard.Library (>= 1.6.1) - framework: >= net451
      System.Diagnostics.DiagnosticSource (>= 4.3) - framework: >= net451
      System.Reflection.Metadata (>= 1.4.1) - framework: >= net451
    Microsoft.AspNetCore.Hosting.Abstractions (1.1) - framework: >= net451
      Microsoft.AspNetCore.Hosting.Server.Abstractions (>= 1.1) - framework: >= net451
      Microsoft.AspNetCore.Http.Abstractions (>= 1.1) - framework: >= net451
      Microsoft.Extensions.Configuration.Abstractions (>= 1.1) - framework: >= net451
      Microsoft.Extensions.DependencyInjection.Abstractions (>= 1.1) - framework: >= net451
      Microsoft.Extensions.FileProviders.Abstractions (>= 1.1) - framework: >= net451
      Microsoft.Extensions.Logging.Abstractions (>= 1.1) - framework: >= net451
      NETStandard.Library (>= 1.6.1) - framework: >= net451
    Microsoft.AspNetCore.Hosting.Server.Abstractions (1.1)
      Microsoft.AspNetCore.Http.Features (>= 1.1) - framework: >= net451
      Microsoft.Extensions.Configuration.Abstractions (>= 1.1) - framework: >= net451
      NETStandard.Library (>= 1.6.1) - framework: >= net451
    Microsoft.AspNetCore.Http (1.1) - framework: >= net451
      Microsoft.AspNetCore.Http.Abstractions (>= 1.1) - framework: >= net451
      Microsoft.AspNetCore.WebUtilities (>= 1.1) - framework: >= net451
      Microsoft.Extensions.ObjectPool (>= 1.1) - framework: >= net451
      Microsoft.Extensions.Options (>= 1.1) - framework: >= net451
      Microsoft.Net.Http.Headers (>= 1.1) - framework: >= net451
      NETStandard.Library (>= 1.6.1) - framework: >= net451
      System.Buffers (>= 4.3) - framework: >= net451
    Microsoft.AspNetCore.Http.Abstractions (1.1)
      Microsoft.AspNetCore.Http.Features (>= 1.1) - framework: >= net451
      Microsoft.Extensions.Primitives (>= 1.1) - framework: >= net451
      NETStandard.Library (>= 1.6.1) - framework: >= net451
      System.Text.Encodings.Web (>= 4.3) - framework: >= net451
    Microsoft.AspNetCore.Http.Extensions (1.1) - framework: >= net451
      Microsoft.AspNetCore.Http.Abstractions (>= 1.1) - framework: >= net451
      Microsoft.Extensions.FileProviders.Abstractions (>= 1.1) - framework: >= net451
      Microsoft.Net.Http.Headers (>= 1.1) - framework: >= net451
      NETStandard.Library (>= 1.6.1) - framework: >= net451
      System.Buffers (>= 4.3) - framework: >= net451
    Microsoft.AspNetCore.Http.Features (1.1)
      Microsoft.Extensions.Primitives (>= 1.1) - framework: >= net451
      NETStandard.Library (>= 1.6.1) - framework: >= net451
    Microsoft.AspNetCore.Server.Kestrel (1.1)
      Libuv (>= 1.9.1) - framework: >= net451
      Microsoft.AspNetCore.Hosting (>= 1.1) - framework: >= net451
      Microsoft.Extensions.Logging.Abstractions (>= 1.1) - framework: >= net451
      NETStandard.Library (>= 1.6.1) - framework: >= net451
      System.Buffers (>= 4.3) - framework: >= net451
      System.Numerics.Vectors (>= 4.3) - framework: >= net451
      System.Threading.Tasks.Extensions (>= 4.3) - framework: >= net451
    Microsoft.AspNetCore.WebUtilities (1.1) - framework: >= net451
      Microsoft.Extensions.Primitives (>= 1.1) - framework: >= net451
      Microsoft.Net.Http.Headers (>= 1.1) - framework: >= net451
      NETStandard.Library (>= 1.6.1) - framework: >= net451
      System.Buffers (>= 4.3) - framework: >= net451
      System.Text.Encodings.Web (>= 4.3) - framework: >= net451
    Microsoft.Extensions.Configuration (1.1) - framework: >= net451
      Microsoft.Extensions.Configuration.Abstractions (>= 1.1)
      NETStandard.Library (>= 1.6.1)
    Microsoft.Extensions.Configuration.Abstractions (1.1)
    Microsoft.Extensions.Configuration.EnvironmentVariables (1.1) - framework: >= net451
      Microsoft.Extensions.Configuration (>= 1.1) - framework: >= net451
      NETStandard.Library (>= 1.6.1) - framework: >= net451
    Microsoft.Extensions.DependencyInjection (1.1) - framework: >= net451
      Microsoft.Extensions.DependencyInjection.Abstractions (>= 1.1)
      NETStandard.Library (>= 1.6.1)
    Microsoft.Extensions.DependencyInjection.Abstractions (1.1)
    Microsoft.Extensions.FileProviders.Abstractions (1.1)
    Microsoft.Extensions.FileProviders.Physical (1.1) - framework: >= net451
      Microsoft.Extensions.FileProviders.Abstractions (>= 1.1) - framework: >= net451
      Microsoft.Extensions.FileSystemGlobbing (>= 1.1) - framework: >= net451
      NETStandard.Library (>= 1.6.1) - framework: >= net451
    Microsoft.Extensions.FileSystemGlobbing (1.1) - framework: >= net451
      NETStandard.Library (>= 1.6.1)
    Microsoft.Extensions.Logging (1.1) - framework: >= net451
      Microsoft.Extensions.DependencyInjection.Abstractions (>= 1.1)
      Microsoft.Extensions.Logging.Abstractions (>= 1.1)
      NETStandard.Library (>= 1.6.1)
    Microsoft.Extensions.Logging.Abstractions (1.1) - framework: >= net451
      NETStandard.Library (>= 1.6.1)
    Microsoft.Extensions.ObjectPool (1.1) - framework: >= net451
      NETStandard.Library (>= 1.6.1) - framework: >= net451
    Microsoft.Extensions.Options (1.1)
    Microsoft.Extensions.PlatformAbstractions (1.1) - framework: >= net451
      NETStandard.Library (>= 1.6.1) - framework: >= net451
    Microsoft.Extensions.Primitives (1.1)
    Microsoft.Net.Http.Headers (1.1)
      Microsoft.Extensions.Primitives (>= 1.1)
      NETStandard.Library (>= 1.6.1)
      System.Buffers (>= 4.3)
      System.Diagnostics.Contracts (>= 4.3)
    Microsoft.Win32.Primitives (4.3) - framework: >= net46
    NETStandard.Library (1.6.1)
      Microsoft.Win32.Primitives (>= 4.3) - framework: >= net46
      System.AppContext (>= 4.3) - framework: >= net46
      System.Collections.Concurrent (>= 4.3)
      System.Console (>= 4.3) - framework: >= net46
      System.Diagnostics.Tracing (>= 4.3)
      System.Globalization.Calendars (>= 4.3) - framework: >= net46
      System.IO.Compression (>= 4.3)
      System.IO.Compression.ZipFile (>= 4.3) - framework: >= net46
      System.IO.FileSystem (>= 4.3) - framework: >= net46
      System.IO.FileSystem.Primitives (>= 4.3) - framework: >= net46
      System.Net.Http (>= 4.3)
      System.Net.Sockets (>= 4.3) - framework: >= net46
      System.Runtime.Handles (>= 4.3) - framework: >= net46
      System.Runtime.InteropServices (>= 4.3)
      System.Runtime.InteropServices.RuntimeInformation (>= 4.3)
      System.Runtime.Numerics (>= 4.3)
      System.Security.Cryptography.Algorithms (>= 4.3) - framework: >= net46
      System.Security.Cryptography.Encoding (>= 4.3) - framework: >= net46
      System.Security.Cryptography.Primitives (>= 4.3) - framework: >= net46
      System.Security.Cryptography.X509Certificates (>= 4.3) - framework: >= net46
      System.Threading.Timer (>= 4.3) - framework: >= net451
    System.AppContext (4.3) - framework: >= net46
    System.Buffers (4.3)
    System.Collections.Concurrent (4.3)
    System.Collections.Immutable (1.3.1) - framework: >= net451
    System.Console (4.3) - framework: >= net46
    System.Diagnostics.Contracts (4.3)
    System.Diagnostics.DiagnosticSource (4.3)
    System.Diagnostics.Tracing (4.3)
    System.Globalization.Calendars (4.3) - framework: >= net46
    System.IO (4.3) - framework: >= net463
    System.IO.Compression (4.3)
    System.IO.Compression.ZipFile (4.3) - framework: >= net46
    System.IO.FileSystem (4.3) - framework: >= net46
      System.IO.FileSystem.Primitives (>= 4.3) - framework: >= net46
    System.IO.FileSystem.Primitives (4.3)
    System.Net.Http (4.3)
      System.Diagnostics.DiagnosticSource (>= 4.3) - framework: >= net46
      System.Security.Cryptography.X509Certificates (>= 4.3) - framework: >= net46
    System.Net.Sockets (4.3) - framework: >= net46
    System.Numerics.Vectors (4.3) - framework: >= net451
    System.Reflection.Metadata (1.4.2) - framework: >= net451
      System.Collections.Immutable (>= 1.3.1)
    System.Runtime (4.3)
    System.Runtime.Handles (4.3) - framework: >= net46
    System.Runtime.InteropServices (4.3)
      System.Runtime (>= 4.3) - framework: >= net462
    System.Runtime.InteropServices.RuntimeInformation (4.3)
    System.Runtime.Numerics (4.3)
    System.Security.Cryptography.Algorithms (4.3) - framework: >= net46
      System.IO (>= 4.3) - framework: >= net463
      System.Runtime (>= 4.3) - framework: >= net463
      System.Security.Cryptography.Encoding (>= 4.3) - framework: >= net463
      System.Security.Cryptography.Primitives (>= 4.3) - framework: net46, net461, >= net463
    System.Security.Cryptography.Encoding (4.3)
    System.Security.Cryptography.Primitives (4.3)
    System.Security.Cryptography.X509Certificates (4.3)
      System.Security.Cryptography.Algorithms (>= 4.3) - framework: >= net46
      System.Security.Cryptography.Encoding (>= 4.3) - framework: >= net46
    System.Text.Encodings.Web (4.3)
    System.Threading.Tasks.Extensions (4.3) - framework: >= net451
    System.Threading.Timer (4.3) - framework: >= net451
